PATH
  remote: .
  specs:
    stackprof (0.2.9)

GEM
  remote: https://rubygems.org/
  specs:
    highline (1.6.20)
    json_pure (1.8.1)
    metaclass (0.0.4)
    mime-types (2.99.3)
    minitest (5.4.1)
    mocha (0.14.0)
      metaclass (~> 0.0.1)
    netrc (0.11.0)
    package_cloud (0.2.45)
      highline (= 1.6.20)
      json_pure (= 1.8.1)
      rainbow (= 2.2.2)
      rest-client (~> 1.7.3)
      thor (~> 0.18)
    rainbow (2.2.2)
      rake
    rake (10.3.2)
    rake-compiler (0.9.3)
      rake
    rest-client (1.7.3)
      mime-types (>= 1.16, < 3.0)
      netrc (~> 0.7)
    thor (0.20.0)

PLATFORMS
  ruby

DEPENDENCIES
  minitest (~> 5.0)
  mocha (~> 0.14)
  package_cloud
  rake
  rake-compiler (~> 0.9)
  stackprof!

BUNDLED WITH
   1.15.0
